RESTRICTION: >= net40
NUGET
  remote: https://www.nuget.org/api/v2
    FAKE (4.63.2)
    FSharp.Compiler.Service (23.0.3)
      FSharp.Core (>= 4.1.18) - restriction: || (&& (>= net40) (>= netstandard2.0)) (>= net45)
      System.Collections.Immutable (>= 1.3.1) - restriction: || (&& (>= net40) (>= netstandard2.0)) (>= net45)
      System.Reflection.Metadata (>= 1.4.2) - restriction: || (&& (>= net40) (>= netstandard2.0)) (>= net45)
      System.ValueTuple (>= 4.3.1) - restriction: >= net45
    FSharp.Compiler.Tools (10.0.2)
    FSharp.Core (4.5.2) - restriction: || (&& (>= net40) (>= netstandard2.0)) (>= net45)
    FSharp.Data (2.4.6)
    Microsoft.Azure.KeyVault.Core (3.0) - restriction: || (&& (>= net40) (>= wp8)) (>= net45)
    Newtonsoft.Json (11.0.2) - restriction: || (&& (>= net40) (>= netstandard1.0) (< netstandard1.3)) (&& (>= net40) (< netstandard1.0) (>= win8)) (&& (>= net40) (>= netstandard1.3)) (&& (>= net40) (>= wp8)) (&& (>= net40) (>= wpa81)) (>= net45)
    Suave (2.4.3)
      FSharp.Core (>= 4.0 < 5.0) - restriction: || (&& (>= net40) (>= netstandard2.0)) (>= net461)
    System.Collections.Immutable (1.5) - restriction: || (&& (>= net40) (>= netstandard2.0)) (>= net45)
    System.Reflection.Metadata (1.6) - restriction: || (&& (>= net40) (>= netstandard2.0)) (>= net45)
      System.Collections.Immutable (>= 1.5) - restriction: || (&& (>= net40) (>= netstandard1.1) (< netstandard2.0)) (&& (>= net40) (< netstandard1.1) (>= portable-net45+win8+wpa81)) (&& (>= net40) (< netstandard1.1) (>= win8)) (&& (>= net40) (>= netstandard2.0)) (&& (>= net40) (< netstandard2.0) (>= wpa81)) (>= net45)
    System.ValueTuple (4.5) - restriction: >= net45
    WindowsAzure.Storage (9.3)
      Microsoft.Azure.KeyVault.Core (>= 1.0) - restriction: || (&& (>= net40) (>= wp8)) (>= net45)
      Newtonsoft.Json (>= 10.0.2) - restriction: || (&& (>= net40) (>= netstandard1.0) (< netstandard1.3)) (&& (>= net40) (< netstandard1.0) (>= win8)) (&& (>= net40) (>= netstandard1.3)) (&& (>= net40) (>= wp8)) (&& (>= net40) (>= wpa81)) (>= net45)
